PATH
  remote: .
  specs:
    geotree (1.1.7)

GEM
  remote: https://rubygems.org/
  specs:

PLATFORMS
  ruby

DEPENDENCIES
  geotree!
